GEM
  remote: https://rubygems.org/
  specs:
    dotenv (2.7.2)
    minitest (5.11.3)
    rack (2.0.7)
    rack-unreloader (1.7.0)
    rake (12.3.2)
    roda (3.19.0)
      rack
    sequel (5.20.0)

PLATFORMS
  ruby

DEPENDENCIES
  dotenv
  minitest
  rack-unreloader
  rake
  roda
  sequel

BUNDLED WITH
   1.17.2
